GEM
  remote: https://rubygems.org/
  specs:
    nio4r (2.5.8)
    puma (6.1.1)
      nio4r (~> 2.0)
    rack (3.0.7)
    roda (3.66.0)
      rack
    tilt (2.1.0)

PLATFORMS
  x86_64-linux

DEPENDENCIES
  puma
  roda
  tilt

RUBY VERSION
   ruby 3.2.0p0

BUNDLED WITH
   2.4.6
